GEM
  remote: http://rubygems.org/
  specs:
    haml (3.0.24)

PLATFORMS
  ruby

DEPENDENCIES
  bundler (= 1.0.7)
  haml
